GEM
  remote: https://rubygems.org/
  specs:
    backports (3.3.0)
    eventmachine (1.0.3)
    multi_json (1.7.3)
    oj (2.0.0)
    puma (2.0.1)
      rack (>= 1.1, < 2.0)
    rack (1.5.2)
    rack-instruments (0.3.1)
      slides (~> 0.2.0)
    rack-protection (1.5.0)
      rack
    rack-ssl (1.3.3)
      rack
    rack-test (0.6.2)
      rack (>= 1.0)
    sass (3.2.9)
    sinatra (1.4.2)
      rack (~> 1.5, >= 1.5.2)
      rack-protection (~> 1.4)
      tilt (~> 1.3, >= 1.3.4)
    sinatra-contrib (1.4.0)
      backports (>= 2.0)
      eventmachine
      rack-protection
      rack-test
      sinatra (~> 1.4.2)
      tilt (~> 1.3)
    sinatra-router (0.2.3)
      sinatra (~> 1.4)
    slides (0.2.0)
    slim (1.0.1)
      temple (~> 0.3.0)
      tilt (~> 1.2)
    temple (0.3.5)
    tilt (1.4.1)

PLATFORMS
  ruby

DEPENDENCIES
  multi_json
  oj
  puma
  rack-instruments
  rack-ssl
  sass
  sinatra
  sinatra-contrib
  sinatra-router
  slides
  slim
